GEM
  remote: http://rubygems.org/
  specs:
    activesupport (2.3.12)
    diff-lcs (1.1.2)
    git (1.2.5)
    jeweler (1.6.4)
      bundler (~> 1.0.0)
      git (>= 1.2.5)
      rake
    mechanize (1.0.0)
      nokogiri (>= 1.2.1)
    nokogiri (1.5.0)
    rake (0.9.2)
    rcov (0.9.9)
    rdoc (3.9.1)
    rspec (2.6.0)
      rspec-core (~> 2.6.0)
      rspec-expectations (~> 2.6.0)
      rspec-mocks (~> 2.6.0)
    rspec-core (2.6.4)
    rspec-expectations (2.6.0)
      diff-lcs (~> 1.1.2)
    rspec-mocks (2.6.0)

PLATFORMS
  ruby

DEPENDENCIES
  activesupport
  bundler
  jeweler
  mechanize (= 1.0.0)
  nokogiri (~> 1.4)
  rcov
  rdoc
  rspec (~> 2.6)
